PATH
  remote: .
  specs:
    sinatra_app (0.0.1)
      haml
      newrelic_rpm
      sinatra

GEM
  remote: https://rubygems.org/
  specs:
    diff-lcs (1.2.5)
    haml (4.0.7)
      tilt
    newrelic_rpm (3.13.0.299)
    rack (1.6.4)
    rack-protection (1.5.3)
      rack
    rack-test (0.6.3)
      rack (>= 1.0)
    rake (10.4.2)
    rspec (3.3.0)
      rspec-core (~> 3.3.0)
      rspec-expectations (~> 3.3.0)
      rspec-mocks (~> 3.3.0)
    rspec-core (3.3.2)
      rspec-support (~> 3.3.0)
    rspec-expectations (3.3.1)
      diff-lcs (>= 1.2.0, < 2.0)
      rspec-support (~> 3.3.0)
    rspec-mocks (3.3.2)
      diff-lcs (>= 1.2.0, < 2.0)
      rspec-support (~> 3.3.0)
    rspec-support (3.3.0)
    shotgun (0.9.1)
      rack (>= 1.0)
    sinatra (1.4.6)
      rack (~> 1.4)
      rack-protection (~> 1.4)
      tilt (>= 1.3, < 3)
    tilt (2.0.1)

PLATFORMS
  ruby

DEPENDENCIES
  bundler (~> 1.6)
  rack-test
  rake
  rspec
  shotgun
  sinatra_app!

BUNDLED WITH
   1.10.6
